PATH
  remote: .
  specs:
    mule (0.0.1)
      right_api_client (= 1.5.15)
      thor (~> 0.18.1)

GEM
  remote: https://rubygems.org/
  specs:
    diff-lcs (1.2.5)
    json (1.8.1)
    mime-types (2.1)
    rake (10.1.1)
    rest-client (1.6.7)
      mime-types (>= 1.16)
    right_api_client (1.5.15)
      json
      rest-client (~> 1.6)
    rspec (2.14.1)
      rspec-core (~> 2.14.0)
      rspec-expectations (~> 2.14.0)
      rspec-mocks (~> 2.14.0)
    rspec-core (2.14.8)
    rspec-expectations (2.14.5)
      diff-lcs (>= 1.1.3, < 2.0)
    rspec-mocks (2.14.6)
    thor (0.18.1)
    yard (0.8.7.3)

PLATFORMS
  ruby

DEPENDENCIES
  bundler
  mule!
  rake
  rspec (~> 2.14)
  yard
